GEM
  remote: https://rubygems.org/
  specs:
    sqlite3 (1.3.6)
    webrick (1.3.1)

PLATFORMS
  ruby

DEPENDENCIES
  sqlite3
  webrick
